PATH
  remote: .
  specs:
    travistorrent-tools (0.1)
      activesupport (< 5.0.0)
      colorize (>= 0.7)
      github-linguist (>= 4.5)
      json (>= 2.0.0)
      minitest (> 5.0.0)
      mongo (>= 2.4.0)
      mysql2 (>= 0.3)
      parallel (>= 0.7.1)
      rake
      rugged (>= 0.22)
      sequel (>= 4.23)
      time_difference
      travis (>= 1.7, < 1.9)
      trollop (>= 2.1.2)

GEM
  remote: https://gems.ruby-china.com/
  specs:
    activesupport (4.2.10)
      i18n (~> 0.7)
      minitest (~> 5.1)
      thread_safe (~> 0.3, >= 0.3.4)
      tzinfo (~> 1.1)
    addressable (2.4.0)
    backports (3.11.4)
    bson (4.3.0)
    activerecord (5.2.3)
    activerecord-jdbcmysql-adapter (51.0)
    charlock_holmes (0.7.6)
    colorize (0.8.1)
    concurrent-ruby (1.0.5)
    escape_utils (1.2.1)
    ethon (0.11.0)
      ffi (>= 1.3.0)
    faraday (0.15.3)
      multipart-post (>= 1.2, < 3)
    faraday_middleware (0.12.2)
      faraday (>= 0.7.4, < 1.0)
    ffi (1.9.25)
    gh (0.15.1)
      addressable (~> 2.4.0)
      backports
      faraday (~> 0.8)
      multi_json (~> 1.0)
      net-http-persistent (~> 2.9)
      net-http-pipeline
    github-linguist (7.0.0)
      charlock_holmes (~> 0.7.6)
      escape_utils (~> 1.2.0)
      mime-types (>= 1.19)
      rugged (>= 0.25.1)
    highline (1.7.10)
    i18n (0.9.5)
      concurrent-ruby (~> 1.0)
    json (2.1.0)
    launchy (2.4.3)
      addressable (~> 2.3)
    mime-types (3.2.2)
      mime-types-data (~> 3.2015)
    mime-types-data (3.2018.0812)
    minitest (5.11.3)
    mongo (2.6.2)
      bson (>= 4.3.0, < 5.0.0)
    multi_json (1.13.1)
    multipart-post (2.0.0)
    mysql2 (0.5.2)
    net-http-persistent (2.9.4)
    net-http-pipeline (1.0.1)
    parallel (1.12.1)
    pusher-client (0.6.2)
      json
      websocket (~> 1.0)
    rake (12.3.1)
    rugged (0.27.5)
    sequel (5.13.0)
    thread_safe (0.3.6)
    time_difference (0.5.0)
      activesupport
    travis (1.8.9)
      backports
      faraday (~> 0.9)
      faraday_middleware (~> 0.9, >= 0.9.1)
      gh (~> 0.13)
      highline (~> 1.6)
      launchy (~> 2.1)
      pusher-client (~> 0.4)
      typhoeus (~> 0.6, >= 0.6.8)
    trollop (2.9.9)
    typhoeus (0.8.0)
      ethon (>= 0.8.0)
    tzinfo (1.2.5)
      thread_safe (~> 0.1)
    websocket (1.2.8)

PLATFORMS
  ruby

DEPENDENCIES
  minitest
  rake
  travistorrent-tools!

BUNDLED WITH
   1.16.2
